GIT
  remote: https://github.com/royaltm/z80-rb.git
  revision: bc4d8d85d1fbdf0aa58bcfa8bd607c778c2eba26
  branch: master
  specs:
    z80 (1.0.0.beta.pre.1)

GEM
  remote: https://rubygems.org/
  specs:

PLATFORMS
  x64-mingw32

DEPENDENCIES
  z80!

BUNDLED WITH
   2.0.1
