GIT
  remote: https://github.com/royaltm/z80-rb.git
  revision: 693bdd50150f0000be1e96e3d29cccdd6ad28889
  branch: master
  specs:
    z80 (1.0.0.beta.pre.1)

GEM
  remote: https://rubygems.org/
  specs:

PLATFORMS
  x64-mingw32

DEPENDENCIES
  z80!

BUNDLED WITH
   2.0.2
