GIT
  remote: https://github.com/royaltm/z80-rb.git
  revision: b9d2f775ab3f310cbcf00809b31c795de5eb1840
  branch: master
  specs:
    z80 (1.0.0.beta.pre.1)

GEM
  remote: https://rubygems.org/
  specs:

PLATFORMS
  x64-mingw32

DEPENDENCIES
  z80!

BUNDLED WITH
   2.0.2
